GEM
  remote: https://rubygems.org/
  specs:
    json (2.6.2)

PLATFORMS
  x86_64-darwin-20

DEPENDENCIES
  json

BUNDLED WITH
   2.3.11
